GEM
  remote: https://rubygems.org/
  specs:
    ast (2.1.0)
    astrolabe (1.3.1)
      parser (~> 2.2)
    autotest-fsevent (0.2.11)
      sys-uname
    autotest-growl (0.2.16)
    autotest-standalone (4.5.11)
    byebug (9.0.5)
    coderay (1.1.1)
    diff-lcs (1.2.5)
    ffi (1.9.14)
    metaclass (0.0.4)
    method_source (0.8.2)
    mocha (1.1.0)
      metaclass (~> 0.0.1)
    parser (2.2.3.0)
      ast (>= 1.1, < 3.0)
    powerpack (0.1.1)
    pry (0.10.4)
      coderay (~> 1.1.0)
      method_source (~> 0.8.1)
      slop (~> 3.4)
    pry-byebug (3.4.0)
      byebug (~> 9.0)
      pry (~> 0.10)
    rainbow (2.1.0)
    rb-fsevent (0.9.7)
    rspec (3.5.0)
      rspec-core (~> 3.5.0)
      rspec-expectations (~> 3.5.0)
      rspec-mocks (~> 3.5.0)
    rspec-core (3.5.1)
      rspec-support (~> 3.5.0)
    rspec-expectations (3.5.0)
      diff-lcs (>= 1.2.0, < 2.0)
      rspec-support (~> 3.5.0)
    rspec-mocks (3.5.0)
      diff-lcs (>= 1.2.0, < 2.0)
      rspec-support (~> 3.5.0)
    rspec-support (3.5.0)
    rubocop (0.34.2)
      astrolabe (~> 1.3)
      parser (>= 2.2.2.5, < 3.0)
      powerpack (~> 0.1)
      rainbow (>= 1.99.1, < 3.0)
      ruby-progressbar (~> 1.4)
    ruby-progressbar (1.7.5)
    slop (3.6.0)
    sys-uname (1.0.2)
      ffi (>= 1.0.0)

PLATFORMS
  ruby

DEPENDENCIES
  autotest-fsevent
  autotest-growl
  autotest-standalone
  byebug
  mocha
  pry-byebug
  rb-fsevent
  rspec
  rubocop

BUNDLED WITH
   1.12.5
